GEM
  remote: http://rubygems.org/
  specs:
    mini_portile (0.5.2)
    nokogiri (1.6.1)
      mini_portile (~> 0.5.0)
    phantomjs (1.9.7.0)
    webrick (1.3.1)

PLATFORMS
  ruby

DEPENDENCIES
  nokogiri
  phantomjs
  webrick
